GIT
  remote: https://github.com/rodjek/rspec-puppet.git
  revision: 7659172a5f47c286c03ba6fa76a39cac1087c324
  specs:
    rspec-puppet (2.2.1.pre)
      rspec

GEM
  remote: https://rubygems.org/
  specs:
    CFPropertyList (2.2.8)
    diff-lcs (1.2.5)
    docile (1.1.5)
    facter (2.4.4)
    facterdb (0.3.0)
      facter
      jgrep
      json
    hiera (2.0.0)
      json_pure
    jgrep (1.3.3)
      json
    json (1.8.3)
    json_pure (1.8.2)
    metaclass (0.0.4)
    mocha (1.1.0)
      metaclass (~> 0.0.1)
    puppet (4.2.0)
      facter (> 2.0, < 4)
      hiera (>= 2.0, < 3)
      json_pure
    puppet-lint (1.1.0)
    puppet-syntax (2.0.0)
      rake
    puppetlabs_spec_helper (0.10.3)
      mocha
      puppet-lint
      puppet-syntax
      rake
      rspec-puppet
    rake (10.4.2)
    rspec (3.4.0)
      rspec-core (~> 3.4.0)
      rspec-expectations (~> 3.4.0)
      rspec-mocks (~> 3.4.0)
    rspec-core (3.4.1)
      rspec-support (~> 3.4.0)
    rspec-expectations (3.4.0)
      diff-lcs (>= 1.2.0, < 2.0)
      rspec-support (~> 3.4.0)
    rspec-mocks (3.4.0)
      diff-lcs (>= 1.2.0, < 2.0)
      rspec-support (~> 3.4.0)
    rspec-puppet-facts (1.3.0)
      facter
      facterdb (>= 0.3.0)
      json
      puppet
    rspec-support (3.4.1)
    simplecov (0.10.0)
      docile (~> 1.1.0)
      json (~> 1.8)
      simplecov-html (~> 0.10.0)
    simplecov-html (0.10.0)

PLATFORMS
  ruby

DEPENDENCIES
  puppet (>= 2.7)
  puppet-lint
  puppetlabs_spec_helper
  rake
  rspec-puppet!
  rspec-puppet-facts
  simplecov
